GIT
  remote: git://github.com/G5/microformats2.git
  revision: f2cc8b037ac3f60c3c2875eca7f84ab6ca3f12af
  specs:
    microformats2 (2.0.0.pre5)
      activesupport (~> 3.2.13)
      json (~> 1.7.6)
      nokogiri (~> 1.5.6)

GEM
  remote: https://rubygems.org/
  specs:
    activesupport (3.2.13)
      i18n (= 0.6.1)
      multi_json (~> 1.0)
    coderay (1.0.9)
    diff-lcs (1.2.4)
    i18n (0.6.1)
    json (1.7.7)
    method_source (0.8.1)
    microdata (0.0.3)
      nokogiri
    multi_json (1.7.7)
    nokogiri (1.5.10)
    pry (0.9.12.2)
      coderay (~> 1.0.5)
      method_source (~> 0.8)
      slop (~> 3.4)
    rspec (2.14.1)
      rspec-core (~> 2.14.0)
      rspec-expectations (~> 2.14.0)
      rspec-mocks (~> 2.14.0)
    rspec-core (2.14.2)
    rspec-expectations (2.14.0)
      diff-lcs (>= 1.1.3, < 2.0)
    rspec-mocks (2.14.1)
    slop (3.4.5)

PLATFORMS
  ruby

DEPENDENCIES
  microdata
  microformats2!
  pry
  rspec
